PATH
  remote: .
  specs:
    rspec-with_params (0.2.0)
      rspec (~> 3.0)

GEM
  remote: https://rubygems.org/
  specs:
    diff-lcs (1.3)
    jet_black (0.5.1)
    rake (10.5.0)
    rspec (3.8.0)
      rspec-core (~> 3.8.0)
      rspec-expectations (~> 3.8.0)
      rspec-mocks (~> 3.8.0)
    rspec-core (3.8.0)
      rspec-support (~> 3.8.0)
    rspec-expectations (3.8.3)
      diff-lcs (>= 1.2.0, < 2.0)
      rspec-support (~> 3.8.0)
    rspec-mocks (3.8.0)
      diff-lcs (>= 1.2.0, < 2.0)
      rspec-support (~> 3.8.0)
    rspec-support (3.8.0)

PLATFORMS
  ruby

DEPENDENCIES
  bundler (~> 1.17)
  jet_black (~> 0.5)
  rake (~> 10.0)
  rspec (~> 3.8)
  rspec-with_params!

BUNDLED WITH
   1.17.3
